GEM
  remote: http://rubygems.org/
  specs:
    awesome_print (1.1.0)
    colored (1.2)
    json (1.7.5)

PLATFORMS
  ruby

DEPENDENCIES
  awesome_print
  colored
  json
