GEM
  remote: http://rubygems.org/
  specs:
    colored (1.2)
    json (1.7.5)

PLATFORMS
  ruby

DEPENDENCIES
  colored
  json
